GEM
  remote: https://rubygems.org/
  specs:
    ncursesw (1.4.9)
    rake (10.4.2)

PLATFORMS
  ruby

DEPENDENCIES
  ncursesw
  rake
