GEM
  remote: https://rubygems.org/
  specs:
    hike (1.2.3)
    opal (0.7.1)
      hike (~> 1.2)
      sourcemap (~> 0.1.0)
      sprockets (>= 2.2.3, < 4.0.0)
      tilt (~> 1.4)
    opal-rspec (0.4.2)
      opal (~> 0.7.0)
    rack (1.6.0)
    rake (10.4.2)
    sourcemap (0.1.1)
    sprockets (3.0.1)
      rack (~> 1.0)
    tilt (1.4.1)

PLATFORMS
  ruby

DEPENDENCIES
  opal
  opal-rspec
  rake
